GIT
  remote: git://github.com/final-ci/travis-sidekiqs.git
  revision: c9e918e62c9272578b458f954dab30344a8ae091
  specs:
    travis-sidekiqs (0.0.1)
      sidekiq

GIT
  remote: git://github.com/final-ci/travis-support.git
  revision: 6ed312e112452497dc22ab73561f134ffaaa9f77
  specs:
    travis-support (0.0.1)

GIT
  remote: git://github.com/getsentry/raven-ruby.git
  revision: bd026531c390a7fbc71980871a7951bc0f2d737f
  specs:
    sentry-raven (0.10.1)
      faraday (>= 0.7.6)
      uuidtools

GEM
  remote: https://rubygems.org/
  specs:
    activesupport (3.2.19)
      i18n (~> 0.6, >= 0.6.4)
      multi_json (~> 1.0)
    addressable (2.3.6)
    atomic (1.1.16)
    avl_tree (1.1.3)
    backports (2.4.0)
    celluloid (0.16.0)
      timers (~> 4.0.0)
    connection_pool (2.2.0)
    crack (0.4.2)
      safe_yaml (~> 1.0.0)
    diff-lcs (1.2.5)
    faraday (0.9.0)
      multipart-post (>= 1.2, < 3)
    foreman (0.41.0)
      thor (>= 0.13.6)
    hashr (0.0.22)
    hitimes (1.2.2)
    i18n (0.6.11)
    json (1.8.3)
    kgio (2.9.2)
    metriks (0.9.9.6)
      atomic (~> 1.0)
      avl_tree (~> 1.1.2)
      hitimes (~> 1.1)
    metriks-librato_metrics (1.0.2)
      metriks (>= 0.9.9.6)
    multi_json (1.10.1)
    multipart-post (2.0.0)
    rack (1.5.2)
    rack-protection (1.5.3)
      rack
    rack-test (0.6.2)
      rack (>= 1.0)
    raindrops (0.13.0)
    rake (0.9.2.2)
    redis (3.1.0)
    redis-namespace (1.5.2)
      redis (~> 3.0, >= 3.0.4)
    rspec (2.99.0)
      rspec-core (~> 2.99.0)
      rspec-expectations (~> 2.99.0)
      rspec-mocks (~> 2.99.0)
    rspec-core (2.99.2)
    rspec-expectations (2.99.2)
      diff-lcs (>= 1.1.3, < 2.0)
    rspec-mocks (2.99.2)
    safe_yaml (1.0.4)
    sidekiq (3.4.1)
      celluloid (~> 0.16.0)
      connection_pool (>= 2.1.1)
      json
      redis (>= 3.0.6)
      redis-namespace (>= 1.3.1)
    sinatra (1.4.5)
      rack (~> 1.4)
      rack-protection (~> 1.4)
      tilt (~> 1.3, >= 1.3.4)
    thor (0.19.1)
    tilt (1.4.1)
    timers (4.0.1)
      hitimes
    travis-config (0.1.0)
      hashr (~> 0.0)
    unicorn (4.6.3)
      kgio (~> 2.6)
      rack
      raindrops (~> 0.7)
    uuidtools (2.1.5)
    webmock (1.19.0)
      addressable (>= 2.3.6)
      crack (>= 0.3.2)
    yajl-ruby (1.1.0)

PLATFORMS
  ruby

DEPENDENCIES
  activesupport (~> 3.2.13)
  backports (= 2.4.0)
  foreman (~> 0.41.0)
  metriks
  metriks-librato_metrics
  multi_json
  rack-test
  rake (~> 0.9.2.2)
  redis
  rspec (~> 2.9)
  sentry-raven!
  sinatra (~> 1.4.2)
  travis-config (~> 0.1.0)
  travis-sidekiqs!
  travis-support!
  unicorn (~> 4.6.2)
  webmock
  yajl-ruby (~> 1.1.0)
